GEM
  remote: https://rubygems.org/
  specs:
    CFPropertyList (2.2.8)
    facter (2.4.1)
      CFPropertyList (~> 2.2.6)
    hiera (1.3.4)
      json_pure
    highline (1.6.21)
    json (1.8.2)
    json_pure (1.8.2)
    librarian (0.1.2)
      highline
      thor (~> 0.15)
    librarian-puppet (1.4.1)
      json
      librarian (>= 0.1.2)
      rsync
    puppet (3.7.4)
      facter (> 1.6, < 3)
      hiera (~> 1.0)
      json_pure
    rsync (1.0.9)
    thor (0.19.1)

PLATFORMS
  ruby

DEPENDENCIES
  librarian-puppet (~> 1.4.1)
  puppet
